PATH
  remote: .
  specs:
    cbr_rates (0.1.0)
      money (~> 6)
      nokogiri

GEM
  remote: https://rubygems.org/
  specs:
    concurrent-ruby (1.1.8)
    diff-lcs (1.4.4)
    i18n (1.8.9)
      concurrent-ruby (~> 1.0)
    mini_portile2 (2.5.0)
    money (6.14.0)
      i18n (>= 0.6.4, <= 2)
    nokogiri (1.11.1)
      mini_portile2 (~> 2.5.0)
      racc (~> 1.4)
    racc (1.5.2)
    rake (12.3.3)
    rspec (3.10.0)
      rspec-core (~> 3.10.0)
      rspec-expectations (~> 3.10.0)
      rspec-mocks (~> 3.10.0)
    rspec-core (3.10.1)
      rspec-support (~> 3.10.0)
    rspec-expectations (3.10.1)
      diff-lcs (>= 1.2.0, < 2.0)
      rspec-support (~> 3.10.0)
    rspec-mocks (3.10.2)
      diff-lcs (>= 1.2.0, < 2.0)
      rspec-support (~> 3.10.0)
    rspec-support (3.10.2)

PLATFORMS
  ruby

DEPENDENCIES
  cbr_rates!
  rake (~> 12.0)
  rspec (~> 3.0)

BUNDLED WITH
   2.1.2
